RESTRICTION: >= net45
NUGET
  remote: https://www.nuget.org/api/v2
    Argu (3.7)
    Expecto (4.1.1)
      Argu (>= 3.7)
      FSharp.Core (>= 3.1.2.5)
      Mono.Cecil (>= 0.9.6.4)
    FParsec (1.0.2)
    FSharp.Core (4.0.0.1) - redirects: force
    Mono.Cecil (0.9.6.4)
    Newtonsoft.Json (10.0.3)
    System.Reactive (3.1.1)
      System.Reactive.PlatformServices (>= 3.1.1)
      System.Reactive.Windows.Threading (>= 3.1.1)
    System.Reactive.Core (3.1.1)
      System.Reactive.Interfaces (>= 3.1.1)
    System.Reactive.Interfaces (3.1.1)
    System.Reactive.Linq (3.1.1)
      System.Reactive.Core (>= 3.1.1)
    System.Reactive.PlatformServices (3.1.1)
      System.Reactive.Linq (>= 3.1.1)
    System.Reactive.Windows.Threading (3.1.1)
      System.Reactive.Core (>= 3.1.1)
    System.ValueTuple (4.3.1)

GROUP Build
NUGET
  remote: https://www.nuget.org/api/v2
    FAKE (4.63)
    FSharp.Compiler.Service (2.0.0.6)
    FSharp.Formatting (2.14.4)
      FSharp.Compiler.Service (2.0.0.6)
      FSharpVSPowerTools.Core (>= 2.3 < 2.4)
    FSharpVSPowerTools.Core (2.3)
      FSharp.Compiler.Service (>= 2.0.0.3)
    Microsoft.Bcl (1.1.10) - restriction: && (< net45) (< win8) (< portable-win81+wpa81)
      Microsoft.Bcl.Build (>= 1.0.14)
    Microsoft.Bcl.Build (1.0.21) - import_targets: false, restriction: && (< net45) (< win8) (< portable-win81+wpa81)
    Microsoft.Net.Http (2.2.29) - restriction: && (< net45) (< win8) (< portable-win81+wpa81)
      Microsoft.Bcl (>= 1.1.10)
      Microsoft.Bcl.Build (>= 1.0.14)
    Octokit (0.24)
      Microsoft.Net.Http  - restriction: && (< net45) (< win8) (< portable-win81+wpa81)
GITHUB
  remote: fsharp/FAKE
    modules/Octokit/Octokit.fsx (291f58cc70aba6dd871cf18e66d2d88357e4f208)
      Octokit (>= 0.20)
GROUP Test
NUGET
  remote: https://www.nuget.org/api/v2
    NUnit (2.6.4)
    NUnit.Runners (2.6.4)
